PATH
  remote: .
  specs:
    transient_record (1.0.0)
      activerecord (>= 4.2.0)

GEM
  remote: https://rubygems.org/
  specs:
    activemodel (7.0.2.4)
      activesupport (= 7.0.2.4)
    activerecord (7.0.2.4)
      activemodel (= 7.0.2.4)
      activesupport (= 7.0.2.4)
    activesupport (7.0.2.4)
      concurrent-ruby (~> 1.0, >= 1.0.2)
      i18n (>= 1.6, < 2)
      minitest (>= 5.1)
      tzinfo (~> 2.0)
    ast (2.4.2)
    concurrent-ruby (1.1.10)
    i18n (1.10.0)
      concurrent-ruby (~> 1.0)
    json (2.6.3)
    minitest (5.15.0)
    mysql2 (0.5.3)
    parallel (1.22.1)
    parser (3.2.0.0)
      ast (~> 2.4.1)
    pg (1.1.4)
    rainbow (3.1.1)
    rake (12.3.3)
    regexp_parser (2.6.1)
    rexml (3.2.5)
    rubocop (1.43.0)
      json (~> 2.3)
      parallel (~> 1.10)
      parser (>= 3.2.0.0)
      rainbow (>= 2.2.2, < 4.0)
      regexp_parser (>= 1.8, < 3.0)
      rexml (>= 3.2.5, < 4.0)
      rubocop-ast (>= 1.24.1, < 2.0)
      ruby-progressbar (~> 1.7)
      unicode-display_width (>= 2.4.0, < 3.0)
    rubocop-ast (1.24.1)
      parser (>= 3.1.1.0)
    rubocop-rake (0.6.0)
      rubocop (~> 1.0)
    ruby-progressbar (1.11.0)
    sqlite3 (1.5.4-arm64-darwin)
    tzinfo (2.0.4)
      concurrent-ruby (~> 1.0)
    unicode-display_width (2.4.2)
    webrick (1.7.0)
    yard (0.9.28)
      webrick (~> 1.7.0)

PLATFORMS
  arm64-darwin-21
  arm64-darwin-22

DEPENDENCIES
  mysql2 (~> 0.5.3)
  pg (~> 1.1.4)
  rake (~> 12.3.3)
  rubocop (~> 1.43.0)
  rubocop-rake (~> 0.6.0)
  sqlite3 (~> 1.5.4)
  transient_record!
  yard (~> 0.9.28)

BUNDLED WITH
   2.2.33
